GEM
  remote: http://ruby.taobao.org/
  specs:
    binding_of_caller (0.7.2)
      debug_inspector (>= 0.0.1)
    byebug (4.0.4)
      columnize (= 0.9.0)
    coderay (1.1.0)
    columnize (0.9.0)
    debug_inspector (0.0.2)
    method_source (0.8.2)
    pry (0.10.1)
      coderay (~> 1.1.0)
      method_source (~> 0.8.1)
      slop (~> 3.4)
    pry-byebug (3.1.0)
      byebug (~> 4.0)
      pry (~> 0.10)
    pry-rails (0.3.4)
      pry (>= 0.9.10)
    pry-stack_explorer (0.4.9.2)
      binding_of_caller (>= 0.7)
      pry (>= 0.9.11)
    slop (3.6.0)

PLATFORMS
  ruby

DEPENDENCIES
  pry-byebug
  pry-rails
  pry-stack_explorer
